GEM
  remote: https://rubygems.org/
  specs:
    colorize (0.7.3)
    rubyzip (1.1.6)

PLATFORMS
  ruby

DEPENDENCIES
  colorize
  rubyzip
